GEM
  remote: http://rubygems.org/
  specs:
    autotest-fsevent (0.2.8)
      sys-uname
    autotest-growl (0.2.16)
    autotest-standalone (4.5.9)
    diff-lcs (1.1.3)
    ffi (1.1.0)
    git (1.2.5)
    jeweler (1.8.4)
      bundler (~> 1.0)
      git (>= 1.2.5)
      rake
      rdoc
    json (1.7.3)
    rake (0.9.2.2)
    rdoc (3.12)
      json (~> 1.4)
    rspec (2.8.0)
      rspec-core (~> 2.8.0)
      rspec-expectations (~> 2.8.0)
      rspec-mocks (~> 2.8.0)
    rspec-core (2.8.0)
    rspec-expectations (2.8.0)
      diff-lcs (~> 1.1.2)
    rspec-mocks (2.8.0)
    sys-uname (0.9.0)
      ffi (>= 1.0.0)
    timecop (0.3.5)

PLATFORMS
  ruby

DEPENDENCIES
  autotest-fsevent
  autotest-growl
  autotest-standalone
  bundler (~> 1.0.0)
  jeweler (~> 1.8.4)
  rdoc (~> 3.12)
  rspec (~> 2.8.0)
  timecop (= 0.3.5)
